PATH
  remote: .
  specs:
    griffith_common (0.4.0)

GEM
  remote: https://rubygems.org/
  specs:

PLATFORMS
  ruby

DEPENDENCIES
  griffith_common!
