PATH
  remote: .
  specs:
    griffith_common (0.1.0)
      will_paginate (~> 3.0.3)

GEM
  remote: https://rubygems.org/
  specs:
    coderay (1.1.0)
    method_source (0.8.2)
    pry (0.9.12.4)
      coderay (~> 1.0)
      method_source (~> 0.8)
      slop (~> 3.4)
    slop (3.4.7)
    sqlite3 (1.3.8)
    will_paginate (3.0.5)

PLATFORMS
  ruby

DEPENDENCIES
  griffith_common!
  pry
  sqlite3
