PATH
  remote: .
  specs:
    griffith_common (0.3.0)
      bootstrap-datepicker-rails
      bootstrap-sass (>= 3.1.1.1)
      font-awesome-rails
      simple_form
      will_paginate (~> 3.0.5)

GEM
  remote: https://rubygems.org/
  specs:
    actionpack (4.1.1)
      actionview (= 4.1.1)
      activesupport (= 4.1.1)
      rack (~> 1.5.2)
      rack-test (~> 0.6.2)
    actionview (4.1.1)
      activesupport (= 4.1.1)
      builder (~> 3.1)
      erubis (~> 2.7.0)
    activemodel (4.1.1)
      activesupport (= 4.1.1)
      builder (~> 3.1)
    activesupport (4.1.1)
      i18n (~> 0.6, >= 0.6.9)
      json (~> 1.7, >= 1.7.7)
      minitest (~> 5.1)
      thread_safe (~> 0.1)
      tzinfo (~> 1.1)
    bootstrap-datepicker-rails (1.3.0.2)
      railties (>= 3.0)
    bootstrap-sass (3.1.1.1)
      sass (~> 3.2)
    builder (3.2.2)
    coderay (1.1.0)
    erubis (2.7.0)
    font-awesome-rails (4.1.0.0)
      railties (>= 3.2, < 5.0)
    i18n (0.6.9)
    json (1.8.1)
    method_source (0.8.2)
    minitest (5.3.4)
    pry (0.9.12.6)
      coderay (~> 1.0)
      method_source (~> 0.8)
      slop (~> 3.4)
    rack (1.5.2)
    rack-test (0.6.2)
      rack (>= 1.0)
    railties (4.1.1)
      actionpack (= 4.1.1)
      activesupport (= 4.1.1)
      rake (>= 0.8.7)
      thor (>= 0.18.1, < 2.0)
    rake (10.3.2)
    sass (3.3.7)
    simple_form (3.0.2)
      actionpack (~> 4.0)
      activemodel (~> 4.0)
    slop (3.5.0)
    sqlite3 (1.3.9)
    thor (0.19.1)
    thread_safe (0.3.3)
    tzinfo (1.1.0)
      thread_safe (~> 0.1)
    will_paginate (3.0.5)

PLATFORMS
  ruby

DEPENDENCIES
  griffith_common!
  pry
  sqlite3
